{
  "AcquisitionNumber": 1,
  "AcquisitionTime": "09:29:11.370000",
  "ConversionSoftware": "dcm2niix",
  "ConversionSoftwareVersion": "v1.0.20170724 GCC4.4.7",
  "DeviceSerialNumber": "35193",
  "EchoTime": 0.00309,
  "FlipAngle": 10,
  "ImageType": [
    "ORIGINAL",
    "PRIMARY",
    "M",
    "ND",
    "NORM"
],
  "InstitutionAddress": "Xinjiekouwai_Street_No_19_Beijing_Haidian_District_CN_100875",
  "InstitutionName": "BNU_MRI_Center",
  "InversionTime": 0.8,
  "MagneticFieldStrength": 3,
  "Manufacturer": "Siemens",
  "ManufacturersModelName": "TrioTim",
  "PhaseEncodingDirection": "i-",
  "PhaseEncodingLines": 256,
  "ProcedureStepDescription": "BNU_cst_2019_Zhu.Bi",
  "ProtocolName": "UCI_MPRAGE_Sag_1x1x1",
  "RepetitionTime": 2.53,
  "ScanningSequence": "GR_IR",
  "SequenceName": "_tfl3d1_ns",
  "SequenceVariant": "SP_MP",
  "SeriesDescription": "UCI_MPRAGE_Sag_1x1x1",
  "SoftwareVersions": "syngo_MR_B17"
}