{
  "AccelFactPE": 2,
  "AcquisitionNumber": 1,
  "AcquisitionTime": "13:47:23.160000",
  "BandwidthPerPixelPhaseEncode": 65.104,
  "ConversionSoftware": "dcm2niix",
  "ConversionSoftwareVersion": "v1.0.20170724 GCC4.4.7",
  "DeviceSerialNumber": "35193",
  "EchoTime": 0.025,
  "EffectiveEchoSpacing": 0.000240001,
  "FlipAngle": 90,
  "ImageType": [
    "ORIGINAL",
    "PRIMARY",
    "M",
    "ND",
    "NORM",
    "MOSAIC"
],
  "InstitutionAddress": "Xinjiekouwai_Street_No_19_Beijing_Haidian_District_CN_100875",
  "InstitutionName": "BNU_MRI_Center",
  "MagneticFieldStrength": 3,
  "Manufacturer": "Siemens",
  "ManufacturersModelName": "TrioTim",
  "PhaseEncodingDirection": "j-",
  "PhaseEncodingLines": 64,
  "ProcedureStepDescription": "BNU_cst_2019_Zhu.Bi",
  "ProtocolName": "Learning5_154",
  "RepetitionTime": 2,
  "ScanningSequence": "EP",
  "SequenceName": "_epfid2d1_64",
  "SequenceVariant": "SK",
  "SeriesDescription": "Learning5_154",
  "SliceTiming": [0, 1.02, 0.05, 1.0675, 0.0975, 1.115, 0.145, 1.165, 0.195, 1.2125, 0.2425, 1.26, 0.2925, 1.31, 0.34, 1.3575, 0.3875, 1.4075, 0.4375, 1.455, 0.485, 1.5025, 0.535, 1.5525, 0.5825, 1.6, 0.63, 1.65, 0.68, 1.6975, 0.7275, 1.745, 0.7775, 1.795, 0.825, 1.8425, 0.8725, 1.8925, 0.9225, 1.94, 0.97],
  "SoftwareVersions": "syngo_MR_B17",
  "TaskName": "encoding",
  "TotalReadoutTime": 0.01488,
  "TrueEchoSpacing": 0.000480001}