{
  "AcquisitionMatrixPE": 64,
  "AcquisitionNumber": 1,
  "AcquisitionTime": "14:31:17.492500",
  "BandwidthPerPixelPhaseEncode": 65.104,
  "BaseResolution": 64,
  "CoilString": "T:HEA;HEP",
  "ConversionSoftware": "dcm2niix",
  "ConversionSoftwareVersion": "v1.0.20200331",
  "DerivedVendorReportedEchoSpacing": 0.000480001,
  "DeviceSerialNumber": "35193",
  "DwellTime": 3.1e-06,
  "EchoTime": 0.025,
  "EffectiveEchoSpacing": 0.000240001,
  "FlipAngle": 90,
  "ImageOrientationPatientDICOM": [0.999999, -3.81204e-05, 0.00145893, -2.29455e-08, 0.999658, 0.0261359],
  "ImageType": [
    "ORIGINAL",
    "PRIMARY",
    "M",
    "ND",
    "NORM",
    "MOSAIC"
],
  "ImagingFrequency": 123.254,
  "InPlanePhaseEncodingDirectionDICOM": "COL",
  "InstitutionAddress": "Xinjiekouwai_Street_No_19_Beijing_Haidian_District_CN_100875",
  "InstitutionName": "BNU_MRI_Center",
  "InstitutionalDepartmentName": "Department",
  "MRAcquisitionType": "2D",
  "MagneticFieldStrength": 3,
  "Manufacturer": "Siemens",
  "ManufacturersModelName": "TrioTim",
  "Modality": "MR",
  "ParallelReductionFactorInPlane": 2,
  "PartialFourier": 1,
  "PatientPosition": "HFS",
  "PercentPhaseFOV": 100,
  "PercentSampling": 100,
  "PhaseEncodingDirection": "j-",
  "PhaseEncodingSteps": 64,
  "PhaseResolution": 1,
  "PixelBandwidth": 2520,
  "ProcedureStepDescription": "BNU_cst_2019_Zhu.Bi",
  "ProtocolName": "Test2_216",
  "PulseSequenceDetails": "%SiemensSeq%_ep2d_pace",
  "ReceiveCoilName": "HeadMatrix",
  "ReconMatrixPE": 64,
  "RefLinesPE": 32,
  "RepetitionTime": 2,
  "SAR": 0.173052,
  "ScanOptions": "FS",
  "ScanningSequence": "EP",
  "SequenceName": "_epfid2d1_64",
  "SequenceVariant": "SK",
  "SeriesDescription": "Test2_216",
  "SeriesNumber": 4,
  "ShimSetting": [-4519, -19436, -9763, 1254, -104, -248, -76, 5],
  "SliceThickness": 3,
  "SliceTiming": [0, 1.0175, 0.0475, 1.065, 0.095, 1.115, 0.145, 1.1625, 0.1925, 1.21, 0.2425, 1.26, 0.29, 1.3075, 0.3375, 1.355, 0.3875, 1.405, 0.435, 1.4525, 0.4825, 1.5025, 0.5325, 1.55, 0.58, 1.5975, 0.63, 1.6475, 0.6775, 1.695, 0.725, 1.745, 0.775, 1.7925, 0.8225, 1.84, 0.8725, 1.89, 0.92, 1.9375, 0.9675],
  "SoftwareVersions": "syngo_MR_B17",
  "SpacingBetweenSlices": 3.3,
  "StationName": "MRC35193",
  "TaskName": "retrieval",
  "TotalReadoutTime": 0.01512,
  "TxRefAmp": 316.931}