{
  "AcquisitionMatrixPE": 256,
  "AcquisitionNumber": 1,
  "AcquisitionTime": "14:46:59.235000",
  "BaseResolution": 256,
  "CoilString": "C:HEA;HEP",
  "ConversionSoftware": "dcm2niix",
  "ConversionSoftwareVersion": "v1.0.20200331",
  "DeviceSerialNumber": "35193",
  "DwellTime": 8.9e-06,
  "EchoTime": 0.00309,
  "FlipAngle": 10,
  "ImageOrientationPatientDICOM": [0, 1, 0, 0, 0, -1],
  "ImageType": [
    "ORIGINAL",
    "PRIMARY",
    "M",
    "ND",
    "NORM"
],
  "ImagingFrequency": 123.254,
  "InPlanePhaseEncodingDirectionDICOM": "ROW",
  "InstitutionAddress": "Xinjiekouwai_Street_No_19_Beijing_Haidian_District_CN_100875",
  "InstitutionName": "BNU_MRI_Center",
  "InstitutionalDepartmentName": "Department",
  "InversionTime": 0.8,
  "MRAcquisitionType": "3D",
  "MagneticFieldStrength": 3,
  "Manufacturer": "Siemens",
  "ManufacturersModelName": "TrioTim",
  "Modality": "MR",
  "PartialFourier": 1,
  "PatientPosition": "HFS",
  "PercentPhaseFOV": 100,
  "PercentSampling": 100,
  "PhaseEncodingSteps": 256,
  "PhaseResolution": 1,
  "PixelBandwidth": 219,
  "ProcedureStepDescription": "BNU_cst_2019_Zhu.Bi",
  "ProtocolName": "UCI_MPRAGE_Sag_1x1x1",
  "PulseSequenceDetails": "%SiemensSeq%_tfl",
  "ReceiveCoilName": "HeadMatrix",
  "ReconMatrixPE": 256,
  "RepetitionTime": 2.53,
  "SAR": 0.081668,
  "ScanOptions": "IR",
  "ScanningSequence": "GR_IR",
  "SequenceName": "_tfl3d1_ns",
  "SequenceVariant": "SP_MP",
  "SeriesDescription": "UCI_MPRAGE_Sag_1x1x1",
  "SeriesNumber": 6,
  "ShimSetting": [-4489, -19276, -10209, 636, -133, 80, 82, -26],
  "SliceThickness": 1,
  "SoftwareVersions": "syngo_MR_B17",
  "StationName": "MRC35193",
  "TxRefAmp": 316.931}