{
  "AccelFactPE": 2,
  "AcquisitionNumber": 1,
  "AcquisitionTime": "09:20:1.712500",
  "BandwidthPerPixelPhaseEncode": 65.104,
  "ConversionSoftware": "dcm2niix",
  "ConversionSoftwareVersion": "v1.0.20170724 GCC4.4.7",
  "DeviceSerialNumber": "35193",
  "EchoTime": 0.025,
  "EffectiveEchoSpacing": 0.000240001,
  "FlipAngle": 90,
  "ImageType": [
    "ORIGINAL",
    "PRIMARY",
    "M",
    "ND",
    "NORM",
    "MOSAIC"
],
  "InstitutionAddress": "Xinjiekouwai_Street_No_19_Beijing_Haidian_District_CN_100875",
  "InstitutionName": "BNU_MRI_Center",
  "MagneticFieldStrength": 3,
  "Manufacturer": "Siemens",
  "ManufacturersModelName": "TrioTim",
  "PhaseEncodingDirection": "j-",
  "PhaseEncodingLines": 64,
  "ProcedureStepDescription": "BNU_cst_2019_Zhu.Bi",
  "ProtocolName": "Test3_216",
  "RepetitionTime": 2,
  "ScanningSequence": "EP",
  "SequenceName": "_epfid2d1_64",
  "SequenceVariant": "SK",
  "SeriesDescription": "Test3_216",
  "SliceTiming": [0, 1.0175, 0.0475, 1.065, 0.0975, 1.115, 0.145, 1.1625, 0.1925, 1.2125, 0.2425, 1.26, 0.29, 1.3075, 0.34, 1.3575, 0.3875, 1.405, 0.435, 1.455, 0.485, 1.5025, 0.5325, 1.55, 0.5825, 1.6, 0.63, 1.6475, 0.6775, 1.6975, 0.7275, 1.745, 0.775, 1.7925, 0.825, 1.8425, 0.8725, 1.89, 0.92, 1.9375, 0.97],
  "SoftwareVersions": "syngo_MR_B17",
  "TaskName": "retrieval",
  "TotalReadoutTime": 0.01488,
  "TrueEchoSpacing": 0.000480001}